PATH
  remote: .
  specs:
    bartaco_menu (0.1.0)
      nokogiri

GEM
  remote: https://rubygems.org/
  specs:
    coderay (1.1.3)
    method_source (1.0.0)
    nokogiri (1.11.2-x86_64-darwin)
      racc (~> 1.4)
    pry (0.14.0)
      coderay (~> 1.1)
      method_source (~> 1.0)
    racc (1.5.2)
    rake (10.5.0)

PLATFORMS
  x86_64-darwin-18

DEPENDENCIES
  bartaco_menu!
  bundler (~> 2.0)
  pry
  rake (~> 10.0)

BUNDLED WITH
   2.2.11
